GEM
  remote: https://rubygems.org/
  specs:
    concurrent-ruby (1.0.0)
    ffi (1.9.10)
    hike (1.2.3)
    inesita (0.3.0)
      listen (~> 3.0)
      opal (~> 0.9)
      opal-browser (~> 0.2)
      opal-virtual-dom (~> 0.3.0)
      rack-rewrite (~> 1.5)
      sass (~> 3.4)
      slim (~> 3.0)
      thor (~> 0.19)
      websocket (~> 1.0)
    listen (3.0.5)
      rb-fsevent (>= 0.9.3)
      rb-inotify (>= 0.9)
    opal (0.9.0)
      hike (~> 1.2)
      sourcemap (~> 0.1.0)
      sprockets (~> 3.1)
      tilt (>= 1.4)
    opal-browser (0.2.0)
      opal
      paggio
    opal-virtual-dom (0.3.0)
      opal
    paggio (0.2.6)
    rack (1.6.4)
    rack-rewrite (1.5.1)
    rb-fsevent (0.9.6)
    rb-inotify (0.9.5)
      ffi (>= 0.5.0)
    sass (3.4.20)
    slim (3.0.6)
      temple (~> 0.7.3)
      tilt (>= 1.3.3, < 2.1)
    sourcemap (0.1.1)
    sprockets (3.5.2)
      concurrent-ruby (~> 1.0)
      rack (> 1, < 3)
    temple (0.7.6)
    thor (0.19.1)
    tilt (2.0.1)
    websocket (1.2.2)

PLATFORMS
  ruby

DEPENDENCIES
  inesita (~> 0.3.0)

BUNDLED WITH
   1.10.6
