GEM
  remote: https://rubygems.org/
  specs:
    concurrent-ruby (1.0.1)
    ffi (1.9.10)
    hike (1.2.3)
    inesita (0.4.0)
      listen (~> 3.0)
      opal (~> 0.9)
      opal-virtual-dom (~> 0.4.0)
      rack-rewrite (~> 1.5)
      sass (~> 3.4)
      slim (~> 3.0)
      thor (~> 0.19)
    inesita-livereload (0.1.0)
      listen (~> 3.0)
      opal (~> 0.9)
      websocket (~> 1.0)
    listen (3.1.2)
      rb-fsevent (>= 0.9.3)
      rb-inotify (>= 0.9.7)
      ruby_dep (~> 1.1)
    opal (0.9.2)
      hike (~> 1.2)
      sourcemap (~> 0.1.0)
      sprockets (~> 3.1)
      tilt (>= 1.4)
    opal-browser (0.2.0)
      opal
      paggio
    opal-virtual-dom (0.4.1)
      opal
    paggio (0.2.6)
    rack (1.6.4)
    rack-rewrite (1.5.1)
    rb-fsevent (0.9.7)
    rb-inotify (0.9.7)
      ffi (>= 0.5.0)
    ruby_dep (1.1.0)
    sass (3.4.22)
    slim (3.0.6)
      temple (~> 0.7.3)
      tilt (>= 1.3.3, < 2.1)
    sourcemap (0.1.1)
    sprockets (3.6.0)
      concurrent-ruby (~> 1.0)
      rack (> 1, < 3)
    temple (0.7.6)
    thor (0.19.1)
    tilt (2.0.2)
    websocket (1.2.3)

PLATFORMS
  ruby

DEPENDENCIES
  inesita (~> 0.4.0)
  inesita-livereload
  opal-browser

BUNDLED WITH
   1.11.2
