GEM
  remote: https://rubygems.org/
  specs:
    ast (2.4.2)
    execjs (2.9.1)
    ffi (1.16.3)
    htmlcompressor (0.4.0)
    inesita (1.0.pre.7)
      listen (~> 3.0)
      opal (~> 1.0)
      opal-virtual-dom (~> 0.6.1)
      rack (~> 2.0)
      thor (~> 1.2)
    inesita-livereload (0.1.1)
      listen (~> 3.0)
      opal (~> 1.0)
      websocket (~> 1.0)
    inesita-router (0.4.0.pre.2)
      inesita (~> 1.0.pre)
    listen (3.8.0)
      rb-fsevent (~> 0.10, >= 0.10.3)
      rb-inotify (~> 0.9, >= 0.9.10)
    nio4r (2.5.9)
    opal (1.7.4)
      ast (>= 2.3.0)
      parser (~> 3.0, >= 3.0.3.2)
    opal-browser (0.3.3)
      opal (>= 1.0, < 2.0)
      paggio (>= 0.3.0)
    opal-virtual-dom (0.6.1)
      opal (> 0)
    paggio (0.3.0)
    parser (3.2.2.4)
      ast (~> 2.4.1)
      racc
    puma (6.4.0)
      nio4r (~> 2.0)
    racc (1.7.1)
    rack (2.2.8)
    rb-fsevent (0.11.2)
    rb-inotify (0.10.1)
      ffi (~> 1.0)
    thor (1.3.0)
    uglifier (4.2.0)
      execjs (>= 0.3.0, < 3)
    websocket (1.2.10)

PLATFORMS
  ruby

DEPENDENCIES
  htmlcompressor
  inesita (~> 1.0.0pre)
  inesita-livereload
  inesita-router
  opal-browser
  puma
  uglifier

BUNDLED WITH
   2.4.12
